NUGET
  remote: https://www.nuget.org/api/v2
    FAKE (4.38.1)
    FSharp.Core (3.1.2.5)
    FsUnit (1.4.1)
      FSharp.Core (>= 3.1.2.5)
      NUnit (2.6.4)
    Fuchu (1.0.3)
      FSharp.Core (>= 3.1.2.1)
    Hopac (0.3.12)
      FSharp.Core (>= 3.1.2.5)
    Nancy (0.23.2)
    Nancy.Hosting.Self (0.23.2)
      Nancy (>= 0.23.2)
    NuGet.CommandLine (3.4.3)
    NUnit (2.6.4)
    NUnit.Runners (2.6.4)
    OpenCover (4.6.519)
    Suave (1.1.3)
      FSharp.Core (>= 3.1.2.5)
    Suave.Testing (1.1.3)
      FSharp.Core (>= 3.1.2.5)
      Fuchu (>= 1.0.2)
      Suave (>= 1.1.3)
GITHUB
  remote: haf/YoLo
    YoLo.fs (23a5e0b385fc24f3fb7dd051580601b4b22ad50d)