NUGET
  remote: https://www.nuget.org/api/v2
  specs:
    FAKE (3.27.0)
    FSharp.Core (3.1.2.1)
    FsPickler (1.0.16)
    FsUnit (1.2.1.0)
      NUnit (>= 2.6.2)
    Fuchu (0.4.0.0)
    Nancy (0.22.2)
    Nancy.Hosting.Self (0.22.2)
      Nancy (>= 0.22.2)
    NUnit (2.6.3)
    NUnit.Runners (2.6.4)
    OpenCover (4.5.3723)
    Suave (0.26.1)
      FSharp.Core (>= 3.1.2.1)
      FsPickler (>= 1.0.7)
